GIT
  remote: https://github.com/dominikduda/bitmex
  revision: bc54bf80937599cc2431ce55d38da8da527f5ecd
  branch: master
  specs:
    bitmex (0.2.0)
      faraday (~> 0.14.0)
      faraday_middleware (~> 0.12.0)

GEM
  remote: https://rubygems.org/
  specs:
    coderay (1.1.2)
    dotenv (2.7.1)
    faraday (0.14.0)
      multipart-post (>= 1.2, < 3)
    faraday_middleware (0.12.2)
      faraday (>= 0.7.4, < 1.0)
    method_source (0.9.2)
    multipart-post (2.0.0)
    pry (0.12.2)
      coderay (~> 1.1.0)
      method_source (~> 0.9.0)

PLATFORMS
  ruby

DEPENDENCIES
  bitmex!
  dotenv
  pry

BUNDLED WITH
   1.17.3
